GEM
  remote: https://rubygems.org/
  specs:
    bintray_deploy (0.0.4)
      configuration
      rest-client
      thor
    configuration (1.3.4)
    diff-lcs (1.2.5)
    facter (1.7.5)
    hiera (1.3.2)
      json_pure
    highline (1.6.21)
    json (1.8.1)
    json_pure (1.8.1)
    librarian (0.1.2)
      highline
      thor (~> 0.15)
    librarian-puppet (0.9.13)
      json
      librarian (>= 0.1.2)
      open3_backport
    metaclass (0.0.4)
    mime-types (2.1)
    mocha (1.0.0)
      metaclass (~> 0.0.1)
    net-ssh (2.8.0)
    open3_backport (0.0.3)
      open4 (~> 1.3.0)
    open4 (1.3.3)
    opskeleton (0.4.5)
      bintray_deploy
      thor
    puppet (3.4.3)
      facter (~> 1.6)
      hiera (~> 1.0)
      rgen (~> 0.6.5)
    puppet-lint (0.3.2)
    puppetlabs_spec_helper (0.4.1)
      mocha (>= 0.10.5)
      rake
      rspec (>= 2.9.0)
      rspec-puppet (>= 0.1.1)
    rake (10.1.1)
    rest-client (1.6.7)
      mime-types (>= 1.16)
    rgen (0.6.6)
    rspec (2.14.1)
      rspec-core (~> 2.14.0)
      rspec-expectations (~> 2.14.0)
      rspec-mocks (~> 2.14.0)
    rspec-core (2.14.8)
    rspec-expectations (2.14.5)
      diff-lcs (>= 1.1.3, < 2.0)
    rspec-mocks (2.14.6)
    rspec-puppet (1.0.1)
      rspec
    serverspec (1.3.0)
      highline
      net-ssh
      rspec (~> 2.13)
      specinfra (>= 1.2.0)
    specinfra (1.4.0)
    thor (0.18.1)

PLATFORMS
  ruby

DEPENDENCIES
  librarian-puppet
  opskeleton
  puppet
  puppet-lint
  puppetlabs_spec_helper (>= 0.1.0)
  rake
  rspec-puppet
  serverspec
